GIT
  remote: git://github.com/paulrobertlloyd/jekyll-archives.git
  revision: e5ca5bfc1d48d4a3d2f9ffc6e09e7c661793d6f7
  branch: support-collections
  specs:
    jekyll-archives (2.1.0)
      jekyll (>= 2.4)

GIT
  remote: git://github.com/seykron/jekyll-pandoc-multiple-formats.git
  revision: fcff1a8a594a8493c7f874cb6f4d08eea878ac91
  branch: collections-support
  specs:
    jekyll-pandoc-multiple-formats (0.2.9)
      jekyll (~> 3.3.0)
      pdf_info (~> 0.5.0)
      rtex (~> 2.1.0)

GEM
  remote: https://rubygems.org/
  specs:
    addressable (2.5.0)
      public_suffix (~> 2.0, >= 2.0.2)
    colorator (1.1.0)
    ffi (1.9.17)
    forwardable-extended (2.6.0)
    jekyll (3.3.1)
      addressable (~> 2.4)
      colorator (~> 1.0)
      jekyll-sass-converter (~> 1.0)
      jekyll-watch (~> 1.1)
      kramdown (~> 1.3)
      liquid (~> 3.0)
      mercenary (~> 0.3.3)
      pathutil (~> 0.9)
      rouge (~> 1.7)
      safe_yaml (~> 1.0)
    jekyll-sass-converter (1.5.0)
      sass (~> 3.4)
    jekyll-torrent (0.0.2)
      jekyll
    jekyll-watch (1.5.0)
      listen (~> 3.0, < 3.1)
    json (2.0.3)
    kramdown (1.13.2)
    libv8 (3.16.14.17)
    liquid (3.0.6)
    listen (3.0.8)
      rb-fsevent (~> 0.9, >= 0.9.4)
      rb-inotify (~> 0.9, >= 0.9.7)
    mercenary (0.3.6)
    pathutil (0.14.0)
      forwardable-extended (~> 2.6)
    pdf_info (0.5.3)
    public_suffix (2.0.5)
    rb-fsevent (0.9.8)
    rb-inotify (0.9.8)
      ffi (>= 0.5.0)
    ref (2.0.0)
    rouge (1.11.1)
    rtex (2.1.1)
    safe_yaml (1.0.4)
    sass (3.4.23)
    therubyracer (0.12.3)
      libv8 (~> 3.16.14.15)
      ref

PLATFORMS
  ruby

DEPENDENCIES
  jekyll
  jekyll-archives!
  jekyll-pandoc-multiple-formats!
  jekyll-torrent
  json
  therubyracer
